GEM
  remote: https://rubygems.org/
  specs:
    breakpoint (1.3)
      compass (>= 0.12.1)
      sass (>= 3.2.0)
    celluloid (0.15.2)
      timers (~> 1.1.0)
    chunky_png (1.3.1)
    colorator (0.1)
    compass (0.12.2)
      chunky_png (~> 1.2)
      fssm (>= 0.2.7)
      sass (~> 3.1)
    ffi (1.9.3)
    fssm (0.2.10)
    jekyll (3.1.1)
      colorator (~> 0.1)
      jekyll-sass-converter (~> 1.0)
      jekyll-watch (~> 1.1)
      kramdown (~> 1.3)
      liquid (~> 3.0)
      mercenary (~> 0.3.3)
      rouge (~> 1.7)
      safe_yaml (~> 1.0)
    jekyll-sass-converter (1.3.0)
      sass (~> 3.2)
    jekyll-watch (1.1.2)
      listen (~> 2.7)
    kramdown (1.9.0)
    liquid (3.0.6)
    listen (2.7.9)
      celluloid (>= 0.15.2)
      rb-fsevent (>= 0.9.3)
      rb-inotify (>= 0.9)
    mercenary (0.3.4)
    rb-fsevent (0.9.4)
    rb-inotify (0.9.5)
      ffi (>= 0.5.0)
    rouge (1.10.1)
    safe_yaml (1.0.3)
    sass (3.3.11)
    timers (1.1.0)
    toolkit (2.6.0)
      sass (~> 3.3)

PLATFORMS
  ruby

DEPENDENCIES
  breakpoint (~> 1.3)
  compass
  jekyll
  sass
  toolkit (~> 2.0)
