GEM
  remote: https://rubygems.org/
  specs:
    breakpoint (1.3)
      compass (>= 0.12.1)
      sass (>= 3.2.0)
    chunky_png (1.3.1)
    compass (0.12.2)
      chunky_png (~> 1.2)
      fssm (>= 0.2.7)
      sass (~> 3.1)
    fssm (0.2.10)
    sass (3.3.11)
    toolkit (2.6.0)
      sass (~> 3.3)

PLATFORMS
  ruby

DEPENDENCIES
  breakpoint (~> 1.3)
  compass
  sass
  toolkit (~> 2.0)
